{
	"TaskName": "p300",
	"Manufacturer": "g.tec",
	"PowerLineFrequency": 50.0,
	"SamplingFrequency": 512.0,
	"SoftwareFilters": "n/a",
	"RecordingDuration": 7.998046875,
	"RecordingType": "continuous",
	"EEGReference": "right earlobe",
	"EEGGround": "AFZ",
	"EEGPlacementScheme": "10-10 system",
	"EEGChannelCount": 16,
	"EOGChannelCount": 0,
	"ECGChannelCount": 0,
	"EMGChannelCount": 0,
	"TriggerChannelCount": 0,
	"ManufacturersModelName": "g.USBamp (g.tec, Schiedlberg, Austria)",
	"SoftwareVersions": "OpenVibe",
	"CapManufacturer": "EasyCap",
	"CapManufacturersModelName": "EC20",
	"HardwareFilters": {
		"HardwareFilter": "no digital filter applied"
	},
	"TaskDescription": "randomized session order (PC vs VR); limit eye blinks, head movements and face muscular contractions",
	"Instructions": "focus on a red-squared target symbol while groups of six symbols flash",
	"CogAtlasID": "https://www.cognitiveatlas.org/task/id/tsk_GxjZBNiJorj1K/",
	"InstitutionName": "GIPSA-lab",
	"InstitutionAddress": "GIPSA-lab, 11 rue des Math\u00e9matiques, Grenoble Campus BP46, F-38402, France",
	"InstitutionalDepartmentName": "GIPSA-lab, CNRS, University Grenoble-Alpes, Grenoble INP",
	"SubjectArtefactDescription": "n/a",
	"DeviceSerialNumber": "n/a",
	"Description": "EEG recordings of 21 subjects doing a visual P300 experiment on PC and VR to compare BCI performance and user experience",
	"MISCChannelCount": 0
}